GEM
  remote: http://rubygems.org/
  specs:
    feedalizer (0.1.2)
      hpricot
    hpricot (0.8.4)
    rack (1.2.2)
    sinatra (1.2.1)
      rack (~> 1.1)
      tilt (>= 1.2.2, < 2.0)
    tilt (1.2.2)

PLATFORMS
  ruby

DEPENDENCIES
  feedalizer
  sinatra
